PATH
  remote: .
  specs:
    pretty_puts (0.1.0)
      rainbow (~> 3, < 4)

GEM
  remote: https://rubygems.org/
  specs:
    diff-lcs (1.3)
    rainbow (3.0.0)
    rake (10.5.0)
    rspec (3.7.0)
      rspec-core (~> 3.7.0)
      rspec-expectations (~> 3.7.0)
      rspec-mocks (~> 3.7.0)
    rspec-core (3.7.1)
      rspec-support (~> 3.7.0)
    rspec-expectations (3.7.0)
      diff-lcs (>= 1.2.0, < 2.0)
      rspec-support (~> 3.7.0)
    rspec-mocks (3.7.0)
      diff-lcs (>= 1.2.0, < 2.0)
      rspec-support (~> 3.7.0)
    rspec-support (3.7.1)

PLATFORMS
  ruby

DEPENDENCIES
  bundler (~> 1.16)
  pretty_puts!
  rake (~> 10.0)
  rspec (~> 3.0)

BUNDLED WITH
   1.16.1
